GIT
  remote: git://github.com/rails/rails.git
  revision: 8c60a2169a1a21e3e2dc4ba88315b8a106028305
  specs:
    actioncable (6.2.0.alpha)
      actionpack (= 6.2.0.alpha)
      activesupport (= 6.2.0.alpha)
      nio4r (~> 2.0)
      websocket-driver (>= 0.6.1)
    actionmailbox (6.2.0.alpha)
      actionpack (= 6.2.0.alpha)
      activejob (= 6.2.0.alpha)
      activerecord (= 6.2.0.alpha)
      activestorage (= 6.2.0.alpha)
      activesupport (= 6.2.0.alpha)
      mail (>= 2.7.1)
    actionmailer (6.2.0.alpha)
      actionpack (= 6.2.0.alpha)
      actionview (= 6.2.0.alpha)
      activejob (= 6.2.0.alpha)
      activesupport (= 6.2.0.alpha)
      mail (~> 2.5, >= 2.5.4)
      rails-dom-testing (~> 2.0)
    actionpack (6.2.0.alpha)
      actionview (= 6.2.0.alpha)
      activesupport (= 6.2.0.alpha)
      rack (~> 2.0, >= 2.0.9)
      rack-test (>= 0.6.3)
      rails-dom-testing (~> 2.0)
      rails-html-sanitizer (~> 1.0, >= 1.2.0)
    actiontext (6.2.0.alpha)
      actionpack (= 6.2.0.alpha)
      activerecord (= 6.2.0.alpha)
      activestorage (= 6.2.0.alpha)
      activesupport (= 6.2.0.alpha)
      nokogiri (>= 1.8.5)
    actionview (6.2.0.alpha)
      activesupport (= 6.2.0.alpha)
      builder (~> 3.1)
      erubi (~> 1.4)
      rails-dom-testing (~> 2.0)
      rails-html-sanitizer (~> 1.1, >= 1.2.0)
    activejob (6.2.0.alpha)
      activesupport (= 6.2.0.alpha)
      globalid (>= 0.3.6)
    activemodel (6.2.0.alpha)
      activesupport (= 6.2.0.alpha)
    activerecord (6.2.0.alpha)
      activemodel (= 6.2.0.alpha)
      activesupport (= 6.2.0.alpha)
    activestorage (6.2.0.alpha)
      actionpack (= 6.2.0.alpha)
      activejob (= 6.2.0.alpha)
      activerecord (= 6.2.0.alpha)
      activesupport (= 6.2.0.alpha)
      marcel (~> 0.3.1)
      mimemagic (~> 0.3.2)
    activesupport (6.2.0.alpha)
      concurrent-ruby (~> 1.0, >= 1.0.2)
      i18n (>= 1.6, < 2)
      minitest (>= 5.1)
      tzinfo (~> 2.0)
      zeitwerk (~> 2.3)
    rails (6.2.0.alpha)
      actioncable (= 6.2.0.alpha)
      actionmailbox (= 6.2.0.alpha)
      actionmailer (= 6.2.0.alpha)
      actionpack (= 6.2.0.alpha)
      actiontext (= 6.2.0.alpha)
      actionview (= 6.2.0.alpha)
      activejob (= 6.2.0.alpha)
      activemodel (= 6.2.0.alpha)
      activerecord (= 6.2.0.alpha)
      activestorage (= 6.2.0.alpha)
      activesupport (= 6.2.0.alpha)
      bundler (>= 1.15.0)
      railties (= 6.2.0.alpha)
      sprockets-rails (>= 2.0.0)
    railties (6.2.0.alpha)
      actionpack (= 6.2.0.alpha)
      activesupport (= 6.2.0.alpha)
      method_source
      rake (>= 0.8.7)
      thor (~> 1.0)

PATH
  remote: .
  specs:
    view_component_properties (0.1.0)
      view_component (~> 2.0)

GEM
  remote: https://rubygems.org/
  specs:
    addressable (2.7.0)
      public_suffix (>= 2.0.2, < 5.0)
    ast (2.4.1)
    builder (3.2.4)
    capybara (3.34.0)
      addressable
      mini_mime (>= 0.1.3)
      nokogiri (~> 1.8)
      rack (>= 1.6.0)
      rack-test (>= 0.6.3)
      regexp_parser (~> 1.5)
      xpath (~> 3.2)
    concurrent-ruby (1.1.7)
    crass (1.0.6)
    erubi (1.10.0)
    globalid (0.4.2)
      activesupport (>= 4.2.0)
    i18n (1.8.7)
      concurrent-ruby (~> 1.0)
    jaro_winkler (1.5.4)
    loofah (2.8.0)
      crass (~> 1.0.2)
      nokogiri (>= 1.5.9)
    mail (2.7.1)
      mini_mime (>= 0.1.1)
    marcel (0.3.3)
      mimemagic (~> 0.3.2)
    method_source (1.0.0)
    mimemagic (0.3.10)
      nokogiri (~> 1)
      rake
    mini_mime (1.0.2)
    mini_portile2 (2.5.1)
    minitest (5.14.3)
    nio4r (2.5.4)
    nokogiri (1.11.5)
      mini_portile2 (~> 2.5.0)
      racc (~> 1.4)
    parallel (1.20.1)
    parser (3.0.0.0)
      ast (~> 2.4.1)
    public_suffix (4.0.6)
    racc (1.5.2)
    rack (2.2.3)
    rack-test (1.1.0)
      rack (>= 1.0, < 3)
    rails-dom-testing (2.0.3)
      activesupport (>= 4.2.0)
      nokogiri (>= 1.6)
    rails-html-sanitizer (1.3.0)
      loofah (~> 2.3)
    rainbow (3.0.0)
    rake (13.0.3)
    regexp_parser (1.8.2)
    rexml (3.2.4)
    rubocop (0.81.0)
      jaro_winkler (~> 1.5.1)
      parallel (~> 1.10)
      parser (>= 2.7.0.1)
      rainbow (>= 2.2.2, < 4.0)
      rexml
      ruby-progressbar (~> 1.7)
      unicode-display_width (>= 1.4.0, < 2.0)
    rubocop-rails (2.5.2)
      activesupport
      rack (>= 1.1)
      rubocop (>= 0.72.0)
    ruby-progressbar (1.11.0)
    sprockets (4.0.2)
      concurrent-ruby (~> 1.0)
      rack (> 1, < 3)
    sprockets-rails (3.2.2)
      actionpack (>= 4.0)
      activesupport (>= 4.0)
      sprockets (>= 3.0.0)
    thor (1.0.1)
    tzinfo (2.0.4)
      concurrent-ruby (~> 1.0)
    unicode-display_width (1.7.0)
    view_component (2.24.0)
      activesupport (>= 5.0.0, < 7.0)
    websocket-driver (0.7.3)
      websocket-extensions (>= 0.1.0)
    websocket-extensions (0.1.5)
    xpath (3.2.0)
      nokogiri (~> 1.8)
    zeitwerk (2.4.2)

PLATFORMS
  ruby

DEPENDENCIES
  bundler (~> 1.14)
  capybara (~> 3)
  minitest (~> 5.0)
  rails!
  rake (~> 13.0)
  rubocop (= 0.81)
  rubocop-rails (= 2.5.2)
  view_component_properties!

BUNDLED WITH
   1.17.3
